GIT
  remote: https://github.com/davebyrne/ruby-sys_stuff
  revision: 29076ca9da3d1ec68941d44ac3a4ec9243f4643c
  specs:
    sys_stuff (0.1.0)

PATH
  remote: .
  specs:
    multiprocessing_pool (0.1.0)
      sys_stuff (~> 0.1.0)

GEM
  remote: https://rubygems.org/
  specs:
    diff-lcs (1.5.0)
    rake (13.0.6)
    rspec (3.11.0)
      rspec-core (~> 3.11.0)
      rspec-expectations (~> 3.11.0)
      rspec-mocks (~> 3.11.0)
    rspec-core (3.11.0)
      rspec-support (~> 3.11.0)
    rspec-expectations (3.11.0)
      diff-lcs (>= 1.2.0, < 2.0)
      rspec-support (~> 3.11.0)
    rspec-mocks (3.11.1)
      diff-lcs (>= 1.2.0, < 2.0)
      rspec-support (~> 3.11.0)
    rspec-support (3.11.0)

PLATFORMS
  x86_64-linux

DEPENDENCIES
  multiprocessing_pool!
  rake (~> 13.0)
  rspec (~> 3.0)
  sys_stuff!

BUNDLED WITH
   2.3.7
